GIT
  remote: https://github.com/CDLUC3/uc3-ssm.git
  revision: 5af8578418e9f6563f68ad92af54350b25396846
  branch: main
  specs:
    uc3-ssm (0.3.1)
      aws-sdk-ssm (~> 1.84)
      logger (~> 1.4)
      yaml (~> 0.1)

GEM
  remote: https://rubygems.org/
  specs:
    aws-eventstream (1.2.0)
    aws-partitions (1.573.0)
    aws-sdk-core (3.130.0)
      aws-eventstream (~> 1, >= 1.0.2)
      aws-partitions (~> 1, >= 1.525.0)
      aws-sigv4 (~> 1.1)
      jmespath (~> 1.0)
    aws-sdk-lambda (1.82.0)
      aws-sdk-core (~> 3, >= 3.127.0)
      aws-sigv4 (~> 1.1)
    aws-sdk-ssm (1.134.0)
      aws-sdk-core (~> 3, >= 3.127.0)
      aws-sigv4 (~> 1.1)
    aws-sigv4 (1.4.0)
      aws-eventstream (~> 1, >= 1.0.2)
    base64 (0.1.1)
    jmespath (1.6.1)
    json (2.6.1)
    logger (1.5.1)
    yaml (0.2.0)

PLATFORMS
  ruby

DEPENDENCIES
  aws-sdk-lambda
  base64
  json
  uc3-ssm!

BUNDLED WITH
   2.1.4
