GEM
  remote: https://rubygems.org/
  specs:
    aws-eventstream (1.1.1)
    aws-partitions (1.479.0)
    aws-sdk-core (3.117.0)
      aws-eventstream (~> 1, >= 1.0.2)
      aws-partitions (~> 1, >= 1.239.0)
      aws-sigv4 (~> 1.1)
      jmespath (~> 1.0)
    aws-sdk-lambda (1.63.0)
      aws-sdk-core (~> 3, >= 3.112.0)
      aws-sigv4 (~> 1.1)
    aws-sigv4 (1.2.4)
      aws-eventstream (~> 1, >= 1.0.2)
    jmespath (1.4.0)
    json (2.5.1)

PLATFORMS
  ruby

DEPENDENCIES
  aws-sdk-lambda
  json

BUNDLED WITH
   2.1.4
